{
    "TaskName": "noise",
    "Manufacturer": "Neuromag/Elekta/MEGIN",
    "PowerLineFrequency": 50.0,
    "SamplingFrequency": 1000.0,
    "SoftwareFilters": "n/a",
    "RecordingDuration": 212.999,
    "RecordingType": "continuous",
    "DewarPosition": "upper seated position=68degrees",
    "DigitizedLandmarks": false,
    "DigitizedHeadPoints": false,
    "MEGChannelCount": 306,
    "MEGREFChannelCount": 0,
    "ContinuousHeadLocalization": false,
    "HeadCoilFrequency": [],
    "EEGChannelCount": 0,
    "EOGChannelCount": 2,
    "ECGChannelCount": 1,
    "EMGChannelCount": 0,
    "MiscChannelCount": 3,
    "TriggerChannelCount": 17,
    "SubjectArtefactDescription": "",
    "ManufacturersModelName": "ElektaTRIUX",
    "DeviceSerialNumber": "3127",
    "SoftwareVersions": "4.11.5",
    "InstitutionName": "Carl von Ossietzky University Oldenburg",
    "InstitutionAddress": "Kuepkersweg 74,Oldenburg,District,DE,26129",
    "InstitutionalDepartmentName": "Department of Medical Physics and Acoustics",
    "HardwareFilters": "n/a",
    "ECOGChannelCount": 0,
    "SEEGChannelCount": 0,
    "Instructions": "No instruction",
    "TaskDescription": "No task"
}
