{
    "TaskName": "audiobook2",
    "Manufacturer": "Neuromag/Elekta/MEGIN",
    "PowerLineFrequency": 50.0,
    "SamplingFrequency": 1000.0,
    "SoftwareFilters": "n/a",
    "RecordingDuration": 628.999,
    "RecordingType": "continuous",
    "DewarPosition": "upper seated position=68degrees",
    "DigitizedLandmarks": true,
    "DigitizedHeadPoints": true,
    "MEGChannelCount": 306,
    "MEGREFChannelCount": 0,
    "ContinuousHeadLocalization": true,
    "HeadCoilFrequency": [
        261.3330078125,
        278.0,
        294.6669921875,
        311.3330078125,
        328.0
    ],
    "AssociatedEmptyRoom": "sub-19/meg/sub-19_task-noise_run-01_meg.fif",
    "EEGChannelCount": 0,
    "EOGChannelCount": 2,
    "ECGChannelCount": 1,
    "EMGChannelCount": 0,
    "MiscChannelCount": 3,
    "TriggerChannelCount": 17,
    "SubjectArtefactDescription": "Recordings distorted by bra-related artifacts",
    "ManufacturersModelName": "ElektaTRIUX",
    "DeviceSerialNumber": "3127",
    "SoftwareVersions": "4.11.5",
    "InstitutionName": "Carl von Ossietzky University Oldenburg",
    "InstitutionAddress": "Kuepkersweg 74,Oldenburg,District,DE,26129",
    "InstitutionalDepartmentName": "Department of Medical Physics and Acoustics",
    "HardwareFilters": "n/a",
    "ECOGChannelCount": 0,
    "SEEGChannelCount": 0,
    "Instructions": "Your task is to listen to the audiobook carefully. At the end of the audiobook, you will be asked three questions about its content. During the measurement, try to keep your eyes as still as possible and focus on the cross. ",
    "TaskDescription": "Participants listened to 60 brief frequency sweeps (chirps) presented at 60 dB SPL, followed by a 10-minute audiobook excerpt played at 65 dB SPL. Stimuli were presented via insert earphones. After the auditory stimulation, participants answered comprehension questions related to the audiobook content. Note: Participant sub-02 received 150 chirps instead of 60. "
}
